GEM
  specs:
    WingenderTFClass (0.1.0)
    interval_notation (0.1.3)

PLATFORMS
  ruby

DEPENDENCIES
  WingenderTFClass (~> 0.1.0)
  interval_notation (~> 0.1.3)

BUNDLED WITH
   1.10.6
